PATH
  remote: .
  specs:
    motion_descendants_tracker (0.0.2)
      motion-require

GEM
  remote: https://rubygems.org/
  specs:
    motion-require (0.0.7)
    rake (10.1.0)

PLATFORMS
  ruby

DEPENDENCIES
  motion_descendants_tracker!
  rake
